GEM
  remote: https://rubygems.org/
  specs:
    bundler-audit (0.5.0)
      bundler (~> 1.2)
      thor (~> 0.18)
    thor (0.19.4)

PLATFORMS
  ruby

DEPENDENCIES
  bundler-audit!

BUNDLED WITH
   1.12.5
